PATH
  remote: .
  specs:
    beggar (0.0.5.alpha)
      basecamp (= 0.0.7)

GEM
  remote: http://rubygems.org/
  specs:
    activemodel (3.1.3)
      activesupport (= 3.1.3)
      builder (~> 3.0.0)
      i18n (~> 0.6)
    activeresource (3.1.3)
      activemodel (= 3.1.3)
      activesupport (= 3.1.3)
    activesupport (3.1.3)
      multi_json (~> 1.0)
    addressable (2.2.6)
    basecamp (0.0.7)
      activeresource (>= 2.3.0)
      oauth2
      xml-simple
    builder (3.0.0)
    diff-lcs (1.1.3)
    faraday (0.7.5)
      addressable (~> 2.2.6)
      multipart-post (~> 1.1.3)
      rack (>= 1.1.0, < 2)
    i18n (0.6.0)
    multi_json (1.0.4)
    multipart-post (1.1.4)
    oauth2 (0.5.1)
      faraday (~> 0.7.4)
      multi_json (~> 1.0.3)
    rack (1.3.5)
    rspec (2.7.0)
      rspec-core (~> 2.7.0)
      rspec-expectations (~> 2.7.0)
      rspec-mocks (~> 2.7.0)
    rspec-core (2.7.1)
    rspec-expectations (2.7.0)
      diff-lcs (~> 1.1.2)
    rspec-mocks (2.7.0)
    xml-simple (1.1.1)

PLATFORMS
  ruby

DEPENDENCIES
  beggar!
  rspec (>= 2.7.0)
